GEM
  remote: https://rubygems.org/
  specs:
    byebug (9.0.6)
    require_all (1.3.3)

PLATFORMS
  ruby

DEPENDENCIES
  byebug
  require_all (~> 1.3, >= 1.3.3)

RUBY VERSION
   ruby 2.3.1p112

BUNDLED WITH
   1.13.1
